PATH
  remote: .
  specs:
    dustdus (0.1.0)
      git_diff_parser
      thor

GEM
  remote: https://rubygems.org/
  specs:
    git_diff_parser (3.2.0)
    rake (13.0.1)
    thor (1.0.1)

PLATFORMS
  ruby

DEPENDENCIES
  bundler (~> 1.17)
  dustdus!
  rake (~> 13.0)

BUNDLED WITH
   1.17.2
